GEM
  remote: https://rubygems.org/
  specs:
    app_conf (0.4.2)
    cinch (2.2.4)
    cinch-commands (0.1.0)
      cinch (~> 2.0)
    cinch-identify (1.6.0)
      cinch (~> 2.0)
    codeclimate-test-reporter (0.4.6)
      simplecov (>= 0.7.1, < 1.0.0)
    docile (1.1.5)
    json (1.8.2)
    mini_portile (0.6.2)
    minitest (5.5.1)
    multi_json (1.10.1)
    nokogiri (1.6.6.2)
      mini_portile (~> 0.6.0)
    rake (10.4.2)
    simplecov (0.9.1)
      docile (~> 1.1.0)
      multi_json (~> 1.0)
      simplecov-html (~> 0.8.0)
    simplecov-html (0.8.0)
    sqlite3 (1.3.10)

PLATFORMS
  ruby

DEPENDENCIES
  app_conf
  cinch
  cinch-commands
  cinch-identify
  codeclimate-test-reporter
  json
  minitest
  nokogiri
  rake
  simplecov
  sqlite3
